PATH
  remote: .
  specs:
    rakuten (0.0.1)
      activesupport
      i18n
      json (>= 1.4.6)

GEM
  remote: http://rubygems.org/
  specs:
    activesupport (3.0.3)
    diff-lcs (1.1.2)
    i18n (0.5.0)
    json (1.4.6)
    rspec (2.3.0)
      rspec-core (~> 2.3.0)
      rspec-expectations (~> 2.3.0)
      rspec-mocks (~> 2.3.0)
    rspec-core (2.3.1)
    rspec-expectations (2.3.0)
      diff-lcs (~> 1.1.2)
    rspec-mocks (2.3.0)

PLATFORMS
  ruby

DEPENDENCIES
  activesupport
  i18n
  json (>= 1.4.6)
  rakuten!
  rspec (>= 2.3.0)
